PATH
  remote: .
  specs:
    ccavenue_payment (1.1.9)
      figaro (~> 1.1, >= 1.1.1)

GEM
  remote: https://rubygems.org/
  specs:
    diff-lcs (1.4.4)
    figaro (1.2.0)
      thor (>= 0.14.0, < 2)
    rake (12.3.3)
    rspec (3.10.0)
      rspec-core (~> 3.10.0)
      rspec-expectations (~> 3.10.0)
      rspec-mocks (~> 3.10.0)
    rspec-core (3.10.0)
      rspec-support (~> 3.10.0)
    rspec-expectations (3.10.0)
      diff-lcs (>= 1.2.0, < 2.0)
      rspec-support (~> 3.10.0)
    rspec-mocks (3.10.0)
      diff-lcs (>= 1.2.0, < 2.0)
      rspec-support (~> 3.10.0)
    rspec-support (3.10.0)
    thor (1.0.1)

PLATFORMS
  ruby
  x86_64-darwin-19

DEPENDENCIES
  bundler (~> 2.2)
  ccavenue_payment!
  figaro (~> 1.1)
  rake (~> 12.0)
  rspec (~> 3.0)

BUNDLED WITH
   2.2.0
